GEM
  remote: https://rubygems.org/
  specs:
    httparty (0.15.6)
      multi_xml (>= 0.5.2)
    json (2.1.0)
    multi_xml (0.6.0)
    ruby-graphviz (1.2.3)

PLATFORMS
  ruby

DEPENDENCIES
  httparty
  json
  ruby-graphviz

BUNDLED WITH
   1.16.0
